GEM
  remote: https://rubygems.org/
  specs:
    ffi (1.12.2)
    sassc (2.3.0)
      ffi (~> 1.9)

PLATFORMS
  ruby

DEPENDENCIES
  sassc (~> 2.3)
