GEM
  remote: https://rubygems.org/
  specs:
    concurrent-ruby (1.1.6)
    ffi (1.12.2)
    i18n (1.8.2)
      concurrent-ruby (~> 1.0)
    sassc (2.3.0)
      ffi (~> 1.9)

PLATFORMS
  ruby

DEPENDENCIES
  ffi (~> 1.12)
  i18n (~> 1.8)
  sassc (~> 2.3)
